PATH
  remote: lib/cluster-def-gem
  specs:
    cluster_def (0.1.0)

GEM
  remote: https://rubygems.org/
  specs:
    CFPropertyList (2.3.5)
    activesupport (4.2.7.1)
      i18n (~> 0.7)
      json (~> 1.7, >= 1.7.7)
      minitest (~> 5.1)
      thread_safe (~> 0.3, >= 0.3.4)
      tzinfo (~> 1.1)
    addressable (2.4.0)
    app_conf (0.4.2)
    appbundler (0.10.0)
      mixlib-cli (~> 1.4)
    arr-pm (0.0.10)
      cabin (> 0)
    artifactory (2.6.0)
    ast (2.3.0)
    autoparse (0.3.3)
      addressable (>= 2.3.1)
      extlib (>= 0.9.15)
      multi_json (>= 1.0.0)
    aws-sdk (2.7.3)
      aws-sdk-resources (= 2.7.3)
    aws-sdk-core (2.7.3)
      aws-sigv4 (~> 1.0)
      jmespath (~> 1.0)
    aws-sdk-resources (2.7.3)
      aws-sdk-core (= 2.7.3)
    aws-sdk-v1 (1.66.0)
      json (~> 1.4)
      nokogiri (>= 1.4.4)
    aws-sigv4 (1.0.0)
    backports (3.11.3)
    berkshelf (5.6.0)
      addressable (~> 2.3, >= 2.3.4)
      berkshelf-api-client (>= 2.0.2, < 4.0)
      buff-config (~> 2.0)
      buff-extensions (~> 2.0)
      buff-shell_out (~> 1.0)
      cleanroom (~> 1.0)
      faraday (~> 0.9)
      httpclient (~> 2.7)
      minitar (~> 0.5, >= 0.5.4)
      mixlib-archive (~> 0.4)
      octokit (~> 4.0)
      retryable (~> 2.0)
      ridley (~> 5.0)
      solve (> 2.0, < 4.0)
      thor (~> 0.19, < 0.19.2)
    berkshelf-api-client (3.0.0)
      faraday (~> 0.9)
      httpclient (~> 2.7)
      ridley (>= 4.5, < 6.0)
    binding_of_caller (0.7.2)
      debug_inspector (>= 0.0.1)
    buff-config (2.0.0)
      buff-extensions (~> 2.0)
      varia_model (~> 0.6)
    buff-extensions (2.0.0)
    buff-ignore (1.2.0)
    buff-ruby_engine (1.0.0)
    buff-shell_out (1.1.0)
      buff-ruby_engine (~> 1.0)
    builder (3.2.3)
    byebug (9.0.6)
    cabin (0.9.0)
    celluloid (0.16.0)
      timers (~> 4.0.0)
    celluloid-io (0.16.2)
      celluloid (>= 0.16.0)
      nio4r (>= 1.1.0)
    chef (12.18.31)
      addressable
      bundler (>= 1.10)
      chef-config (= 12.18.31)
      chef-zero (>= 4.8)
      diff-lcs (~> 1.2, >= 1.2.4)
      erubis (~> 2.7)
      ffi-yajl (~> 2.2)
      highline (~> 1.6, >= 1.6.9)
      iniparse (~> 1.4)
      mixlib-archive (>= 0.2.0)
      mixlib-authentication (~> 1.4)
      mixlib-cli (~> 1.7)
      mixlib-log (~> 1.3)
      mixlib-shellout (~> 2.0)
      net-sftp (~> 2.1, >= 2.1.2)
      net-ssh (>= 2.9, < 4.0)
      net-ssh-multi (~> 1.1)
      ohai (>= 8.6.0.alpha.1, < 9)
      plist (~> 3.2)
      proxifier (~> 1.0)
      rspec-core (~> 3.5)
      rspec-expectations (~> 3.5)
      rspec-mocks (~> 3.5)
      rspec_junit_formatter (~> 0.2.0)
      serverspec (~> 2.7)
      specinfra (~> 2.10)
      syslog-logger (~> 1.6)
      uuidtools (~> 2.1.5)
    chef-api (0.8.0)
      logify (~> 0.1)
      mime-types
    chef-config (12.18.31)
      addressable
      fuzzyurl
      mixlib-config (~> 2.0)
      mixlib-shellout (~> 2.0)
    chef-dk (1.2.22)
      addressable (>= 2.3.5, < 2.6)
      chef (~> 12.5)
      chef-provisioning (~> 2.0)
      cookbook-omnifetch (~> 0.5)
      diff-lcs (~> 1.0)
      ffi-yajl (>= 1.0, < 3.0)
      minitar (~> 0.5.4)
      mixlib-cli (~> 1.7)
      mixlib-shellout (~> 2.0)
      paint (~> 1.0)
      solve (> 2.0, < 4.0)
    chef-provisioning (2.1.0)
      cheffish (~> 4.0)
      inifile (>= 2.0.2)
      mixlib-install (>= 1.0, < 3.0)
      net-scp (~> 1.0)
      net-ssh (>= 2.9, < 5.0)
      net-ssh-gateway (~> 1.2)
      winrm-fs (~> 1.0)
    chef-provisioning-aws (2.1.0)
      aws-sdk (>= 2.1.26, < 3.0)
      aws-sdk-v1 (>= 1.59.0)
      chef-provisioning (>= 1.0, < 3.0)
      retryable (~> 2.0, >= 2.0.1)
      ubuntu_ami (~> 0.4, >= 0.4.1)
    chef-provisioning-azure (0.6.0)
      chef-provisioning (>= 1.0, < 3.0)
      stuartpreston-azure-sdk-for-ruby (~> 0.7)
    chef-provisioning-fog (0.20.0)
      chef-provisioning (>= 1.0, < 3.0)
      fog (>= 1.37.0)
      fog-digitalocean
      fog-softlayer (~> 1.1.0)
      google-api-client (~> 0.8.0)
      retryable
    chef-provisioning-ssh (0.1.0)
      chef-provisioning (>= 1.0, < 3.0)
    chef-provisioning-vagrant (0.11.0)
      chef-provisioning
    chef-rewind (0.0.9)
    chef-sugar (3.4.0)
    chef-vault (2.9.1)
    chef-zero (5.2.0)
      ffi-yajl (~> 2.2)
      hashie (>= 2.0, < 4.0)
      mixlib-log (~> 1.3)
      rack (~> 2.0)
      uuidtools (~> 2.1)
    cheffish (4.1.0)
      chef-zero (~> 5.0)
      net-ssh
    chefspec (5.3.0)
      chef (>= 12.0)
      fauxhai (~> 3.6)
      rspec (~> 3.0)
    childprocess (0.9.0)
      ffi (~> 1.0, >= 1.0.11)
    clamp (1.0.1)
    cleanroom (1.0.0)
    coderay (1.1.1)
    cookbook-omnifetch (0.5.1)
      mixlib-archive (~> 0.4)
    cucumber (2.4.0)
      builder (>= 2.1.2)
      cucumber-core (~> 1.5.0)
      cucumber-wire (~> 0.0.1)
      diff-lcs (>= 1.1.3)
      gherkin (~> 4.0)
      multi_json (>= 1.7.5, < 2.0)
      multi_test (>= 0.1.2)
    cucumber-core (1.5.0)
      gherkin (~> 4.0)
    cucumber-wire (0.0.1)
    dco (1.0.1)
      git (~> 1.3)
      thor (~> 0.19)
    debug_inspector (0.0.2)
    dep-selector-libgecode (1.3.1)
    dep_selector (1.0.4)
      dep-selector-libgecode (~> 1.0)
      ffi (~> 1.9)
    diff-lcs (1.3)
    diffy (3.1.0)
    docile (1.3.0)
    docker-api (1.33.2)
      excon (>= 0.38.0)
      json
    domain_name (0.5.20161129)
      unf (>= 0.0.5, < 1.0.0)
    dotenv (2.3.0)
    equivalent-xml (0.6.0)
      nokogiri (>= 1.4.3)
    erubis (2.7.0)
    excon (0.54.0)
    extlib (0.9.16)
    faker (1.8.7)
      i18n (>= 0.7)
    faraday (0.9.2)
      multipart-post (>= 1.2, < 3)
    fauxhai (3.10.0)
      net-ssh
    ffi (1.9.17)
    ffi-rzmq (2.0.4)
      ffi-rzmq-core (>= 1.0.1)
    ffi-rzmq-core (1.0.5)
      ffi
    ffi-yajl (2.3.0)
      libyajl2 (~> 1.2)
    fission (0.5.0)
      CFPropertyList (~> 2.2)
    fog (1.38.0)
      fog-aliyun (>= 0.1.0)
      fog-atmos
      fog-aws (>= 0.6.0)
      fog-brightbox (~> 0.4)
      fog-cloudatcost (~> 0.1.0)
      fog-core (~> 1.32)
      fog-dynect (~> 0.0.2)
      fog-ecloud (~> 0.1)
      fog-google (<= 0.1.0)
      fog-json
      fog-local
      fog-openstack
      fog-powerdns (>= 0.1.1)
      fog-profitbricks
      fog-rackspace
      fog-radosgw (>= 0.0.2)
      fog-riakcs
      fog-sakuracloud (>= 0.0.4)
      fog-serverlove
      fog-softlayer
      fog-storm_on_demand
      fog-terremark
      fog-vmfusion
      fog-voxel
      fog-vsphere (>= 0.4.0)
      fog-xenserver
      fog-xml (~> 0.1.1)
      ipaddress (~> 0.5)
    fog-aliyun (0.1.0)
      fog-core (~> 1.27)
      fog-json (~> 1.0)
      ipaddress (~> 0.8)
      xml-simple (~> 1.1)
    fog-atmos (0.1.0)
      fog-core
      fog-xml
    fog-aws (1.2.0)
      fog-core (~> 1.38)
      fog-json (~> 1.0)
      fog-xml (~> 0.1)
      ipaddress (~> 0.8)
    fog-brightbox (0.11.0)
      fog-core (~> 1.22)
      fog-json
      inflecto (~> 0.0.2)
    fog-cloudatcost (0.1.2)
      fog-core (~> 1.36)
      fog-json (~> 1.0)
      fog-xml (~> 0.1)
      ipaddress (~> 0.8)
    fog-core (1.43.0)
      builder
      excon (~> 0.49)
      formatador (~> 0.2)
    fog-digitalocean (0.2.0)
      fog-core (~> 1.42)
      fog-json (>= 1.0)
      fog-xml (>= 0.1)
      ipaddress (>= 0.5)
    fog-dynect (0.0.3)
      fog-core
      fog-json
      fog-xml
    fog-ecloud (0.3.0)
      fog-core
      fog-xml
    fog-google (0.1.0)
      fog-core
      fog-json
      fog-xml
    fog-json (1.0.2)
      fog-core (~> 1.0)
      multi_json (~> 1.10)
    fog-local (0.3.1)
      fog-core (~> 1.27)
    fog-openstack (0.1.19)
      fog-core (>= 1.40)
      fog-json (>= 1.0)
      ipaddress (>= 0.8)
    fog-powerdns (0.1.1)
      fog-core (~> 1.27)
      fog-json (~> 1.0)
      fog-xml (~> 0.1)
    fog-profitbricks (3.0.0)
      fog-core (~> 1.42)
      fog-json (~> 1.0)
    fog-rackspace (0.1.4)
      fog-core (>= 1.35)
      fog-json (>= 1.0)
      fog-xml (>= 0.1)
      ipaddress (>= 0.8)
    fog-radosgw (0.0.5)
      fog-core (>= 1.21.0)
      fog-json
      fog-xml (>= 0.0.1)
    fog-riakcs (0.1.0)
      fog-core
      fog-json
      fog-xml
    fog-sakuracloud (1.7.5)
      fog-core
      fog-json
    fog-serverlove (0.1.2)
      fog-core
      fog-json
    fog-softlayer (1.1.4)
      fog-core
      fog-json
    fog-storm_on_demand (0.1.1)
      fog-core
      fog-json
    fog-terremark (0.1.0)
      fog-core
      fog-xml
    fog-vmfusion (0.1.0)
      fission
      fog-core
    fog-voxel (0.1.0)
      fog-core
      fog-xml
    fog-vsphere (1.7.0)
      fog-core
      rbvmomi (~> 1.9)
    fog-xenserver (0.2.3)
      fog-core
      fog-xml
    fog-xml (0.1.2)
      fog-core
      nokogiri (~> 1.5, >= 1.5.11)
    foodcritic (9.0.0)
      cucumber-core (>= 1.3)
      erubis
      nokogiri (>= 1.5, < 2.0)
      rake
      rufus-lru (~> 1.0)
      treetop (~> 1.4)
      yajl-ruby (~> 1.1)
    formatador (0.2.5)
    fpm (1.9.3)
      arr-pm (~> 0.0.10)
      backports (>= 2.6.2)
      cabin (>= 0.6.0)
      childprocess
      clamp (~> 1.0.0)
      ffi
      json (>= 1.7.7, < 2.0)
      pleaserun (~> 0.0.29)
      ruby-xz
      stud
    fuzzyurl (0.9.0)
    gherkin (4.0.0)
    git (1.3.0)
    google-api-client (0.8.7)
      activesupport (>= 3.2, < 5.0)
      addressable (~> 2.3)
      autoparse (~> 0.3)
      extlib (~> 0.9)
      faraday (~> 0.9)
      googleauth (~> 0.3)
      launchy (~> 2.4)
      multi_json (~> 1.10)
      retriable (~> 1.4)
      signet (~> 0.6)
    googleauth (0.5.1)
      faraday (~> 0.9)
      jwt (~> 1.4)
      logging (~> 2.0)
      memoist (~> 0.12)
      multi_json (~> 1.11)
      os (~> 0.9)
      signet (~> 0.7)
    gssapi (1.2.0)
      ffi (>= 1.0.1)
    guard (2.14.1)
      formatador (>= 0.2.4)
      listen (>= 2.7, < 4.0)
      lumberjack (~> 1.0)
      nenv (~> 0.1)
      notiffany (~> 0.0)
      pry (>= 0.9.12)
      shellany (~> 0.0)
      thor (>= 0.18.1)
    gyoku (1.3.1)
      builder (>= 2.1.2)
    halite (1.8.1)
      bundler
      chef (>= 12.0, < 15)
      stove (~> 5.0)
      thor
    hashie (3.5.1)
    highline (1.7.8)
    hitimes (1.2.4)
    http (2.1.0)
      addressable (~> 2.3)
      http-cookie (~> 1.0)
      http-form_data (~> 1.0.1)
      http_parser.rb (~> 0.6.0)
    http-cookie (1.0.3)
      domain_name (~> 0.5)
    http-form_data (1.0.1)
    http_parser.rb (0.6.0)
    httpclient (2.8.3)
    i18n (0.8.0)
    inflecto (0.0.2)
    inifile (3.0.0)
    iniparse (1.4.2)
    insist (1.0.0)
    inspec (1.11.0)
      hashie (~> 3.4)
      http (~> 2.1.0)
      json (>= 1.8, < 3.0)
      method_source (~> 0.8)
      mixlib-log
      parallel (~> 1.9)
      pry (~> 0)
      rainbow (~> 2)
      rspec (~> 3)
      rspec-its (~> 1.2)
      rspec_junit_formatter (~> 0.2.3)
      rubyzip (~> 1.1)
      sslshake (~> 1)
      thor (~> 0.19)
      train (>= 0.22.0, < 1.0)
    io-like (0.3.0)
    ipaddress (0.8.3)
    jmespath (1.3.1)
    json (1.8.6)
    jwt (1.5.6)
    kitchen-dokken (1.1.0)
      docker-api (~> 1.33)
      test-kitchen (~> 1.13)
    kitchen-ec2 (1.2.0)
      aws-sdk (~> 2)
      excon
      multi_json
      retryable (~> 2.0)
      test-kitchen (~> 1.4, >= 1.4.1)
    kitchen-inspec (0.17.0)
      hashie (~> 3.4)
      inspec (>= 0.34.0, < 2.0.0)
      test-kitchen (~> 1.6)
    kitchen-vagrant (1.0.0)
      test-kitchen (~> 1.4)
    knife-opc (0.3.2)
    knife-push (1.0.2)
      chef (>= 12.7.2)
    knife-spork (1.6.3)
      app_conf (>= 0.4.0)
      chef (>= 11.0.0)
      diffy (>= 3.0.1)
      git (>= 1.2.5)
    knife-windows (1.9.0)
      winrm (~> 2.1)
      winrm-elevated (~> 1.0)
    launchy (2.4.3)
      addressable (~> 2.3)
    libyajl2 (1.2.0)
    listen (3.1.5)
      rb-fsevent (~> 0.9, >= 0.9.4)
      rb-inotify (~> 0.9, >= 0.9.7)
      ruby_dep (~> 1.2)
    little-plugger (1.1.4)
    logging (2.1.0)
      little-plugger (~> 1.1)
      multi_json (~> 1.10)
    logify (0.2.0)
    lumberjack (1.0.11)
    macaddr (1.7.1)
      systemu (~> 2.6.2)
    memoist (0.15.0)
    method_source (0.8.2)
    mime-types (3.1)
      mime-types-data (~> 3.2015)
    mime-types-data (3.2016.0521)
    mini_portile2 (2.1.0)
    minitar (0.5.4)
    minitest (5.10.1)
    mixlib-archive (0.4.1)
      mixlib-log
    mixlib-authentication (1.4.1)
      mixlib-log
    mixlib-cli (1.7.0)
    mixlib-config (2.2.4)
    mixlib-install (2.1.11)
      artifactory
      mixlib-shellout
      mixlib-versioning
      thor
    mixlib-log (1.7.1)
    mixlib-shellout (2.2.7)
    mixlib-versioning (1.1.0)
    molinillo (0.5.5)
    multi_json (1.12.1)
    multi_test (0.1.2)
    multipart-post (2.0.0)
    mustache (0.99.8)
    mysql2 (0.5.1)
    nenv (0.3.0)
    net-scp (1.2.1)
      net-ssh (>= 2.6.5)
    net-sftp (2.1.2)
      net-ssh (>= 2.6.5)
    net-ssh (3.2.0)
    net-ssh-gateway (1.3.0)
      net-ssh (>= 2.6.5)
    net-ssh-multi (1.2.1)
      net-ssh (>= 2.6.5)
      net-ssh-gateway (>= 1.2.0)
    net-telnet (0.1.1)
    nio4r (2.0.0)
    nokogiri (1.6.8.1)
      mini_portile2 (~> 2.1.0)
    nori (2.6.0)
    notiffany (0.1.1)
      nenv (~> 0.1)
      shellany (~> 0.0)
    octokit (4.6.2)
      sawyer (~> 0.8.0, >= 0.5.3)
    ohai (8.23.0)
      chef-config (>= 12.5.0.alpha.1, < 13)
      ffi (~> 1.9)
      ffi-yajl (~> 2.2)
      ipaddress
      mixlib-cli
      mixlib-config (~> 2.0)
      mixlib-log (>= 1.7.1, < 2.0)
      mixlib-shellout (~> 2.0)
      plist (~> 3.1)
      systemu (~> 2.6.4)
      wmi-lite (~> 1.0)
    os (0.9.6)
    paint (1.0.1)
    parallel (1.10.0)
    parser (2.3.3.1)
      ast (~> 2.2)
    pleaserun (0.0.30)
      cabin (> 0)
      clamp
      dotenv
      insist
      mustache (= 0.99.8)
      stud
    plist (3.2.0)
    poise (2.8.1)
      chef (>= 12, < 14)
      halite (~> 1.0)
    polyglot (0.3.5)
    proxifier (1.0.3)
    pry (0.10.4)
      coderay (~> 1.1.0)
      method_source (~> 0.8.1)
      slop (~> 3.4)
    pry-byebug (3.4.2)
      byebug (~> 9.0)
      pry (~> 0.10)
    pry-remote (0.1.8)
      pry (~> 0.9)
      slop (~> 3.0)
    pry-stack_explorer (0.4.9.2)
      binding_of_caller (>= 0.7)
      pry (>= 0.9.11)
    rack (2.0.1)
    rainbow (2.2.1)
    rake (12.0.0)
    rake-compiler (1.0.4)
      rake
    rb-fsevent (0.9.8)
    rb-inotify (0.9.8)
      ffi (>= 0.5.0)
    rb-readline (0.5.3)
    rbvmomi (1.9.4)
      builder (~> 3.2)
      json (>= 1.8)
      nokogiri (~> 1.5)
      trollop (~> 2.1)
    rdoc (5.0.0)
    retriable (1.4.1)
    retryable (2.0.4)
    ridley (5.1.0)
      addressable
      buff-config (~> 2.0)
      buff-extensions (~> 2.0)
      buff-ignore (~> 1.2)
      buff-shell_out (~> 1.0)
      celluloid (~> 0.16.0)
      celluloid-io (~> 0.16.1)
      chef-config (>= 12.5.0)
      erubis
      faraday (~> 0.9.0)
      hashie (>= 2.0.2, < 4.0.0)
      httpclient (~> 2.7)
      json (>= 1.7.7)
      mixlib-authentication (>= 1.3.0)
      retryable (~> 2.0)
      semverse (~> 2.0)
      varia_model (~> 0.6)
    rkerberos (0.1.5)
      rake-compiler
    rspec (3.5.0)
      rspec-core (~> 3.5.0)
      rspec-expectations (~> 3.5.0)
      rspec-mocks (~> 3.5.0)
    rspec-core (3.5.4)
      rspec-support (~> 3.5.0)
    rspec-expectations (3.5.0)
      diff-lcs (>= 1.2.0, < 2.0)
      rspec-support (~> 3.5.0)
    rspec-its (1.2.0)
      rspec-core (>= 3.0.0)
      rspec-expectations (>= 3.0.0)
    rspec-mocks (3.5.0)
      diff-lcs (>= 1.2.0, < 2.0)
      rspec-support (~> 3.5.0)
    rspec-support (3.5.0)
    rspec_junit_formatter (0.2.3)
      builder (< 4)
      rspec-core (>= 2, < 4, != 2.12.0)
    ruby-augeas (0.5.0)
    ruby-prof (0.16.2)
    ruby-progressbar (1.8.1)
    ruby-shadow (2.5.0)
    ruby-xz (0.2.3)
      ffi (~> 1.9)
      io-like (~> 0.3)
    ruby_dep (1.5.0)
    rubyntlm (0.6.1)
    rubyzip (1.2.0)
    rufus-lru (1.1.0)
    safe_yaml (1.0.4)
    sawyer (0.8.1)
      addressable (>= 2.3.5, < 2.6)
      faraday (~> 0.8, < 1.0)
    semverse (2.0.0)
    sequel (5.7.1)
    serverspec (2.38.0)
      multi_json
      rspec (~> 3.0)
      rspec-its
      specinfra (~> 2.53)
    sfl (2.3)
    shellany (0.0.1)
    signet (0.7.3)
      addressable (~> 2.3)
      faraday (~> 0.9)
      jwt (~> 1.5)
      multi_json (~> 1.10)
    simple-graphite (2.1.0)
    simplecov (0.16.1)
      docile (~> 1.1)
      json (>= 1.8, < 3)
      simplecov-html (~> 0.10.0)
    simplecov-html (0.10.2)
    simplecov-json (0.2)
      json
      simplecov
    simplecov-rcov (0.2.3)
      simplecov (>= 0.4.1)
    slop (3.6.0)
    solve (3.1.0)
      molinillo (>= 0.5)
      semverse (>= 1.1, < 3.0)
    specinfra (2.66.7)
      net-scp
      net-ssh (>= 2.7, < 5.0)
      net-telnet
      sfl
    sslshake (1.0.13)
    stove (5.2.0)
      chef-api (~> 0.5)
      logify (~> 0.2)
    stuartpreston-azure-sdk-for-ruby (0.7.2)
      json (~> 1.8)
      mime-types (> 1, < 4)
      nokogiri (~> 1.5)
      systemu (~> 2.6)
      uuid (~> 2.0)
    stud (0.0.23)
    syslog-logger (1.6.8)
    systemu (2.6.5)
    test-kitchen (1.15.0)
      mixlib-install (>= 1.2, < 3.0)
      mixlib-shellout (>= 1.2, < 3.0)
      net-scp (~> 1.1)
      net-ssh (>= 2.9, < 5.0)
      net-ssh-gateway (~> 1.2)
      safe_yaml (~> 1.0)
      thor (~> 0.18)
    thor (0.19.1)
    thread_safe (0.3.5)
    timers (4.0.4)
      hitimes
    train (0.22.1)
      docker-api (~> 1.26)
      json (>= 1.8, < 3.0)
      mixlib-shellout (~> 2.0)
      net-scp (~> 1.2)
      net-ssh (>= 2.9, < 5.0)
      winrm (~> 2.0)
      winrm-fs (~> 1.0)
    treetop (1.6.8)
      polyglot (~> 0.3)
    trollop (2.1.2)
    tzinfo (1.2.2)
      thread_safe (~> 0.1)
    ubuntu_ami (0.4.1)
    unf (0.1.4)
      unf_ext
    unf_ext (0.0.7.2)
    uuid (2.3.8)
      macaddr (~> 1.0)
    uuidtools (2.1.5)
    varia_model (0.6.0)
      buff-extensions (~> 2.0)
      hashie (>= 2.0.2, < 4.0.0)
    webhdfs (0.8.0)
      addressable
    winrm (2.1.2)
      builder (>= 2.1.2)
      erubis (~> 2.7)
      gssapi (~> 1.2)
      gyoku (~> 1.0)
      httpclient (~> 2.2, >= 2.2.0.2)
      logging (>= 1.6.1, < 3.0)
      nori (~> 2.0)
      rubyntlm (~> 0.6.0, >= 0.6.1)
    winrm-elevated (1.1.0)
      winrm (~> 2.0)
      winrm-fs (~> 1.0)
    winrm-fs (1.0.1)
      erubis (~> 2.7)
      logging (>= 1.6.1, < 3.0)
      rubyzip (~> 1.1)
      winrm (~> 2.0)
    wmi-lite (1.0.0)
    xml-simple (1.1.5)
    yajl-ruby (1.3.0)
    yard (0.9.8)
    zabbixapi (3.1.0)
      json
    zookeeper (1.4.11)

PLATFORMS
  ruby

DEPENDENCIES
  CFPropertyList (= 2.3.5)
  activesupport (= 4.2.7.1)
  addressable (= 2.4.0)
  app_conf (= 0.4.2)
  appbundler (= 0.10.0)
  artifactory (= 2.6.0)
  ast (= 2.3.0)
  autoparse (= 0.3.3)
  aws-sdk (= 2.7.3)
  aws-sdk-core (= 2.7.3)
  aws-sdk-resources (= 2.7.3)
  aws-sdk-v1 (= 1.66.0)
  aws-sigv4 (= 1.0.0)
  berkshelf (= 5.6.0)
  berkshelf-api-client (= 3.0.0)
  binding_of_caller (= 0.7.2)
  buff-config (= 2.0.0)
  buff-extensions (= 2.0.0)
  buff-ignore (= 1.2.0)
  buff-ruby_engine (= 1.0.0)
  buff-shell_out (= 1.1.0)
  builder (= 3.2.3)
  bundler (= 1.12.5)
  byebug (= 9.0.6)
  celluloid (= 0.16.0)
  celluloid-io (= 0.16.2)
  chef (= 12.18.31)
  chef-config (= 12.18.31)
  chef-dk (= 1.2.22)
  chef-provisioning (= 2.1.0)
  chef-provisioning-aws (= 2.1.0)
  chef-provisioning-azure (= 0.6.0)
  chef-provisioning-fog (= 0.20.0)
  chef-provisioning-ssh!
  chef-provisioning-vagrant (= 0.11.0)
  chef-rewind!
  chef-sugar (= 3.4.0)
  chef-vault (= 2.9.1)
  chef-zero (= 5.2.0)
  cheffish (= 4.1.0)
  chefspec (= 5.3.0)
  cleanroom (= 1.0.0)
  cluster_def!
  coderay (= 1.1.1)
  cookbook-omnifetch (= 0.5.1)
  cucumber (= 2.4.0)
  cucumber-core (= 1.5.0)
  cucumber-wire (= 0.0.1)
  dco (= 1.0.1)
  debug_inspector (= 0.0.2)
  dep-selector-libgecode (= 1.3.1)
  dep_selector (= 1.0.4)
  diff-lcs (= 1.3)
  diffy (= 3.1.0)
  docker-api (= 1.33.2)
  domain_name (= 0.5.20161129)
  equivalent-xml!
  erubis (= 2.7.0)
  excon (= 0.54.0)
  extlib (= 0.9.16)
  faker!
  faraday (= 0.9.2)
  fauxhai (= 3.10.0)
  ffi (= 1.9.17)
  ffi-rzmq (= 2.0.4)
  ffi-rzmq-core (= 1.0.5)
  ffi-yajl (= 2.3.0)
  fission (= 0.5.0)
  fog (= 1.38.0)
  fog-aliyun (= 0.1.0)
  fog-atmos (= 0.1.0)
  fog-aws (= 1.2.0)
  fog-brightbox (= 0.11.0)
  fog-cloudatcost (= 0.1.2)
  fog-core (= 1.43.0)
  fog-digitalocean (= 0.2.0)
  fog-dynect (= 0.0.3)
  fog-ecloud (= 0.3.0)
  fog-google (= 0.1.0)
  fog-json (= 1.0.2)
  fog-local (= 0.3.1)
  fog-openstack (= 0.1.19)
  fog-powerdns (= 0.1.1)
  fog-profitbricks (= 3.0.0)
  fog-rackspace (= 0.1.4)
  fog-radosgw (= 0.0.5)
  fog-riakcs (= 0.1.0)
  fog-sakuracloud (= 1.7.5)
  fog-serverlove (= 0.1.2)
  fog-softlayer (= 1.1.4)
  fog-storm_on_demand (= 0.1.1)
  fog-terremark (= 0.1.0)
  fog-vmfusion (= 0.1.0)
  fog-voxel (= 0.1.0)
  fog-vsphere (= 1.7.0)
  fog-xenserver (= 0.2.3)
  fog-xml (= 0.1.2)
  foodcritic (= 9.0.0)
  formatador (= 0.2.5)
  fpm
  fuzzyurl (= 0.9.0)
  gherkin (= 4.0.0)
  git (= 1.3.0)
  google-api-client (= 0.8.7)
  googleauth (= 0.5.1)
  gssapi (= 1.2.0)
  guard (= 2.14.1)
  gyoku (= 1.3.1)
  hashie (= 3.5.1)
  highline (= 1.7.8)
  hitimes (= 1.2.4)
  http (= 2.1.0)
  http-cookie (= 1.0.3)
  http-form_data (= 1.0.1)
  http_parser.rb (= 0.6.0)
  httpclient (= 2.8.3)
  i18n (= 0.8.0)
  inflecto (= 0.0.2)
  inifile (= 3.0.0)
  iniparse (= 1.4.2)
  inspec (= 1.11.0)
  ipaddress (= 0.8.3)
  jmespath (= 1.3.1)
  json (= 1.8.6)
  jwt (= 1.5.6)
  kitchen-dokken (= 1.1.0)
  kitchen-ec2 (= 1.2.0)
  kitchen-inspec (= 0.17.0)
  kitchen-vagrant (= 1.0.0)
  knife-opc (= 0.3.2)
  knife-push (= 1.0.2)
  knife-spork (= 1.6.3)
  knife-windows (= 1.9.0)
  launchy (= 2.4.3)
  libyajl2 (= 1.2.0)
  listen (= 3.1.5)
  little-plugger (= 1.1.4)
  logging (= 2.1.0)
  lumberjack (= 1.0.11)
  macaddr (= 1.7.1)
  memoist (= 0.15.0)
  method_source (= 0.8.2)
  mime-types (= 3.1)
  mime-types-data (= 3.2016.0521)
  mini_portile2 (= 2.1.0)
  minitar (= 0.5.4)
  minitest (= 5.10.1)
  mixlib-archive (= 0.4.1)
  mixlib-authentication (= 1.4.1)
  mixlib-cli (= 1.7.0)
  mixlib-config (= 2.2.4)
  mixlib-install (= 2.1.11)
  mixlib-log (= 1.7.1)
  mixlib-shellout (= 2.2.7)
  mixlib-versioning (= 1.1.0)
  molinillo (= 0.5.5)
  multi_json (= 1.12.1)
  multi_test (= 0.1.2)
  multipart-post (= 2.0.0)
  mysql2!
  nenv (= 0.3.0)
  net-scp (= 1.2.1)
  net-sftp (= 2.1.2)
  net-ssh (= 3.2.0)
  net-ssh-gateway (= 1.3.0)
  net-ssh-multi (= 1.2.1)
  net-telnet (= 0.1.1)
  nio4r (= 2.0.0)
  nokogiri (= 1.6.8.1)
  nori (= 2.6.0)
  notiffany (= 0.1.1)
  octokit (= 4.6.2)
  ohai (= 8.23.0)
  os (= 0.9.6)
  paint (= 1.0.1)
  parallel (= 1.10.0)
  parser (= 2.3.3.1)
  plist (= 3.2.0)
  poise!
  polyglot (= 0.3.5)
  proxifier (= 1.0.3)
  pry (= 0.10.4)
  pry-byebug (= 3.4.2)
  pry-remote (= 0.1.8)
  pry-stack_explorer (= 0.4.9.2)
  rack (= 2.0.1)
  rainbow (= 2.2.1)
  rake (= 12.0.0)
  rake-compiler!
  rb-fsevent (= 0.9.8)
  rb-inotify (= 0.9.8)
  rb-readline (= 0.5.3)
  rbvmomi (= 1.9.4)
  rdoc (= 5.0.0)
  retriable (= 1.4.1)
  retryable (= 2.0.4)
  ridley (= 5.1.0)
  rkerberos!
  rspec (= 3.5.0)
  rspec-core (= 3.5.4)
  rspec-expectations (= 3.5.0)
  rspec-its (= 1.2.0)
  rspec-mocks (= 3.5.0)
  rspec-support (= 3.5.0)
  rspec_junit_formatter (= 0.2.3)
  ruby-augeas!
  ruby-prof (= 0.16.2)
  ruby-progressbar (= 1.8.1)
  ruby-shadow (= 2.5.0)
  ruby_dep (= 1.5.0)
  rubyntlm (= 0.6.1)
  rubyzip (= 1.2.0)
  rufus-lru (= 1.1.0)
  safe_yaml (= 1.0.4)
  sawyer (= 0.8.1)
  semverse (= 2.0.0)
  sequel!
  serverspec (= 2.38.0)
  sfl (= 2.3)
  shellany (= 0.0.1)
  signet (= 0.7.3)
  simple-graphite!
  simplecov!
  simplecov-json!
  simplecov-rcov!
  slop (= 3.6.0)
  solve (= 3.1.0)
  specinfra (= 2.66.7)
  sslshake (= 1.0.13)
  stuartpreston-azure-sdk-for-ruby (= 0.7.2)
  syslog-logger (= 1.6.8)
  systemu (= 2.6.5)
  test-kitchen (= 1.15.0)
  thor (= 0.19.1)
  thread_safe (= 0.3.5)
  timers (= 4.0.4)
  train (= 0.22.1)
  treetop (= 1.6.8)
  trollop (= 2.1.2)
  tzinfo (= 1.2.2)
  ubuntu_ami (= 0.4.1)
  unf (= 0.1.4)
  unf_ext (= 0.0.7.2)
  uuid (= 2.3.8)
  uuidtools (= 2.1.5)
  varia_model (= 0.6.0)
  webhdfs!
  winrm (= 2.1.2)
  winrm-elevated (= 1.1.0)
  winrm-fs (= 1.0.1)
  wmi-lite (= 1.0.0)
  xml-simple (= 1.1.5)
  yajl-ruby (= 1.3.0)
  yard (= 0.9.8)
  zabbixapi (>= 2.4)!
  zookeeper!

RUBY VERSION
   ruby 2.3.1p112

BUNDLED WITH
   1.12.5
